GEM
  remote: http://www.rubygems.org/
  specs:
    redis (3.3.3)

PLATFORMS
  ruby

DEPENDENCIES
  redis

BUNDLED WITH
   1.11.2
